GIT
  remote: git://github.com/Libertree/libertree-model-rb.git
  revision: c478ad15418cb91718d83fd5b61803ea09c1d10a
  specs:
    libertree-model (0.0.1)

GIT
  remote: git://github.com/RDBI/rdbi-driver-postgresql.git
  revision: be571a9909f74160be8b0c638275e33fe62c75cf
  branch: fix-execute-memory-leak
  specs:
    rdbi-driver-postgresql (0.9.1)
      epoxy (>= 0.3.1)
      methlab
      pg (= 0.9.0)
      rdbi

GIT
  remote: git://github.com/RDBI/rdbi.git
  revision: 3742c7fc3eb2876716ed5a1cf4883389be13e631
  branch: sth-leak
  specs:
    rdbi (0.9.1)
      epoxy (>= 0.3.1)
      methlab (>= 0.0.9)
      typelib

GIT
  remote: git://github.com/Ramaze/innate.git
  revision: 64ca67a23560557f451d658aadf4c65712ccf67d
  specs:
    innate (2012.12)
      rack (~> 1.4.1)

GIT
  remote: git://github.com/Ramaze/ramaze.git
  revision: d3fdce83d8c9ad477c0e1b47fbc4ee05b87e3b0f
  specs:
    ramaze (2012.12.08)
      innate (>= 2012.12)
      rake

GIT
  remote: git://github.com/mark-moseley/linecache
  revision: 869c6a65155068415925067e480741bd0a71527e
  specs:
    linecache19 (0.5.12)
      ruby_core_source (>= 0.1.4)

GIT
  remote: git://github.com/rekado/rpeg-markdown.git
  revision: 2f469b6151240b5851a48badde718b20892bd2c0
  specs:
    rpeg-markdown (1.4.6)

GEM
  remote: http://rubygems.org/
  specs:
    activesupport (3.2.7)
      i18n (~> 0.6)
      multi_json (~> 1.0)
    archive-tar-minitar (0.5.2)
    bcrypt-ruby (3.0.1)
    capybara (2.0.2)
      mime-types (>= 1.16)
      nokogiri (>= 1.3.3)
      rack (>= 1.0.0)
      rack-test (>= 0.5.4)
      selenium-webdriver (~> 2.0)
      xpath (~> 1.0.0)
    childprocess (0.3.7)
      ffi (~> 1.0, >= 1.0.6)
    columnize (0.3.6)
    dalli (1.1.5)
    debugger (1.5.0)
      columnize (>= 0.3.1)
      debugger-linecache (~> 1.2.0)
      debugger-ruby_core_source (~> 1.2.0)
    debugger-linecache (1.2.0)
    debugger-ruby_core_source (1.2.0)
    diff-lcs (1.2.1)
    em-websocket (0.5.0)
      eventmachine (>= 0.12.9)
      http_parser.rb (~> 0.5.3)
    epoxy (0.3.1)
    eventmachine (1.0.3)
    factory_girl (3.6.0)
      activesupport (>= 3.0.0)
    fast_gettext (0.6.8)
    ffi (1.3.1)
    http_parser.rb (0.5.3)
    i18n (0.6.0)
    json (1.7.6)
    kgio (2.7.3)
    m4dbi (0.8.7)
      metaid
      rdbi
    metaid (1.0)
    methlab (0.1.0)
    mime-types (1.19)
    mini_magick (3.4)
      subexec (~> 0.2.1)
    multi_json (1.1.0)
    nokogiri (1.5.2)
    pg (0.9.0)
    rack (1.4.1)
    rack-test (0.6.1)
      rack (>= 1.0)
    racksh (0.9.11)
      rack (>= 1.0)
      rack-test (>= 0.5)
    raindrops (0.8.0)
    rake (0.9.2.2)
    rspec (2.13.0)
      rspec-core (~> 2.13.0)
      rspec-expectations (~> 2.13.0)
      rspec-mocks (~> 2.13.0)
    rspec-core (2.13.1)
    rspec-expectations (2.13.0)
      diff-lcs (>= 1.1.3, < 2.0)
    rspec-mocks (2.13.0)
    ruby-debug-base19 (0.11.25)
      columnize (>= 0.3.1)
      linecache19 (>= 0.5.11)
      ruby_core_source (>= 0.1.4)
    ruby-debug-base19x (0.11.30.pre10)
      columnize (>= 0.3.1)
      linecache19 (>= 0.5.11)
      rake (>= 0.8.1)
      ruby_core_source (>= 0.1.4)
    ruby-debug19 (0.11.6)
      columnize (>= 0.3.1)
      linecache19 (>= 0.5.11)
      ruby-debug-base19 (>= 0.11.19)
    ruby-oembed (0.8.8)
    ruby_core_source (0.1.5)
      archive-tar-minitar (>= 0.5.2)
    rubyzip (0.9.9)
    sass (3.2.5)
    selenium-webdriver (2.29.0)
      childprocess (>= 0.2.5)
      multi_json (~> 1.0)
      rubyzip
      websocket (~> 1.0.4)
    subexec (0.2.1)
    syck (1.0.0)
    typelib (0.1.0)
    unicorn (4.2.0)
      kgio (~> 2.6)
      rack
      raindrops (~> 0.7)
    websocket (1.0.7)
    xpath (1.0.0)
      nokogiri (~> 1.3)

PLATFORMS
  ruby

DEPENDENCIES
  bcrypt-ruby
  capybara
  dalli
  debugger
  em-websocket
  factory_girl
  fast_gettext
  innate!
  json
  libertree-model!
  linecache19!
  m4dbi
  mini_magick
  nokogiri
  pg
  racksh
  ramaze!
  rdbi!
  rdbi-driver-postgresql!
  rpeg-markdown (= 1.4.6)!
  rspec
  ruby-debug-base19x (~> 0.11.30.pre4)
  ruby-debug19
  ruby-oembed
  sass
  syck
  unicorn
