GIT
  remote: git://github.com/Libertree/libertree-model-rb.git
  revision: 75e129c714f98ebfb9e0535862363565674263a9
  specs:
    libertree-model (0.0.1)

GIT
  remote: git://github.com/RDBI/rdbi-driver-postgresql.git
  revision: 4c19912b5649bbefad20b48a378a5bf0dad60c15
  specs:
    rdbi-driver-postgresql (0.9.1)
      epoxy (>= 0.3.1)
      methlab
      pg (= 0.9.0)
      rdbi

GIT
  remote: git://github.com/RDBI/rdbi.git
  revision: 842eb374255fe0aef97f010d163be3c0a326f1ee
  specs:
    rdbi (0.9.1)
      epoxy (>= 0.3.1)
      methlab (>= 0.0.9)
      typelib

GIT
  remote: git://github.com/mark-moseley/linecache
  revision: 869c6a65155068415925067e480741bd0a71527e
  specs:
    linecache19 (0.5.12)
      ruby_core_source (>= 0.1.4)

GIT
  remote: git://github.com/rekado/rpeg-markdown.git
  revision: 43424ff6145969e7b1b8a6f25675dc7996913f60
  specs:
    rpeg-markdown (1.4.6)

GEM
  remote: http://rubygems.org/
  specs:
    activesupport (3.2.7)
      i18n (~> 0.6)
      multi_json (~> 1.0)
    addressable (2.2.7)
    archive-tar-minitar (0.5.2)
    bcrypt-ruby (3.0.1)
    capybara (1.1.2)
      mime-types (>= 1.16)
      nokogiri (>= 1.3.3)
      rack (>= 1.0.0)
      rack-test (>= 0.5.4)
      selenium-webdriver (~> 2.0)
      xpath (~> 0.1.4)
    childprocess (0.3.1)
      ffi (~> 1.0.6)
    columnize (0.3.6)
    dalli (1.1.5)
    diff-lcs (1.1.3)
    em-websocket (0.3.6)
      addressable (>= 2.1.1)
      eventmachine (>= 0.12.9)
    epoxy (0.3.1)
    eventmachine (0.12.10)
    factory_girl (3.6.0)
      activesupport (>= 3.0.0)
    fast_gettext (0.6.8)
    ffi (1.0.11)
    i18n (0.6.0)
    innate (2012.03)
      rack (~> 1.4.1)
    kgio (2.7.3)
    m4dbi (0.8.6)
      metaid
      rdbi
    mail (2.4.4)
      i18n (>= 0.4.0)
      mime-types (~> 1.16)
      treetop (~> 1.4.8)
    metaid (1.0)
    methlab (0.1.0)
    mime-types (1.18)
    mini_magick (3.4)
      subexec (~> 0.2.1)
    multi_json (1.1.0)
    nokogiri (1.5.2)
    pg (0.9.0)
    polyglot (0.3.3)
    pony (1.4)
      mail (> 2.0)
    rack (1.4.1)
    rack-test (0.6.1)
      rack (>= 1.0)
    racksh (0.9.11)
      rack (>= 1.0)
      rack-test (>= 0.5)
    raindrops (0.8.0)
    rake (0.9.2.2)
    ramaze (2012.03.07)
      innate (>= 2012.03)
    rspec (2.9.0)
      rspec-core (~> 2.9.0)
      rspec-expectations (~> 2.9.0)
      rspec-mocks (~> 2.9.0)
    rspec-core (2.9.0)
    rspec-expectations (2.9.0)
      diff-lcs (~> 1.1.3)
    rspec-mocks (2.9.0)
    ruby-debug-base19 (0.11.25)
      columnize (>= 0.3.1)
      linecache19 (>= 0.5.11)
      ruby_core_source (>= 0.1.4)
    ruby-debug-base19x (0.11.30.pre10)
      columnize (>= 0.3.1)
      linecache19 (>= 0.5.11)
      rake (>= 0.8.1)
      ruby_core_source (>= 0.1.4)
    ruby-debug19 (0.11.6)
      columnize (>= 0.3.1)
      linecache19 (>= 0.5.11)
      ruby-debug-base19 (>= 0.11.19)
    ruby-oembed (0.8.7)
    ruby_core_source (0.1.5)
      archive-tar-minitar (>= 0.5.2)
    rubyzip (0.9.6.1)
    sass (3.1.15)
    selenium-webdriver (2.20.0)
      childprocess (>= 0.2.5)
      ffi (~> 1.0)
      multi_json (~> 1.0)
      rubyzip
    subexec (0.2.1)
    treetop (1.4.10)
      polyglot
      polyglot (>= 0.3.1)
    typelib (0.1.0)
    unicorn (4.2.0)
      kgio (~> 2.6)
      rack
      raindrops (~> 0.7)
    xpath (0.1.4)
      nokogiri (~> 1.3)

PLATFORMS
  ruby

DEPENDENCIES
  bcrypt-ruby
  capybara
  dalli
  em-websocket
  factory_girl
  fast_gettext
  libertree-model!
  linecache19!
  m4dbi
  mini_magick
  nokogiri
  pg
  pony
  racksh
  ramaze
  rdbi!
  rdbi-driver-postgresql!
  rpeg-markdown (= 1.4.6)!
  rspec
  ruby-debug-base19x (~> 0.11.30.pre4)
  ruby-debug19
  ruby-oembed
  sass
  unicorn
